PATH
  remote: .
  specs:
    gitgud (0.1.3)
      cli-ui

GEM
  remote: https://rubygems.org/
  specs:
    cli-ui (1.5.1)

PLATFORMS
  ruby

DEPENDENCIES
  gitgud!

BUNDLED WITH
   2.1.4
